PATH
  remote: .
  specs:
    cfn-flow (0.0.2)
      aws-sdk (~> 2.0.20.pre)
      multi_json (~> 1.0)
      thor (~> 0.18)

GEM
  remote: https://rubygems.org/
  specs:
    appraisal (1.0.2)
      bundler
      rake
      thor (>= 0.14.0)
    aws-sdk (2.0.20.pre)
      aws-sdk-resources (= 2.0.20.pre)
    aws-sdk-core (2.0.20)
      builder (~> 3.0)
      jmespath (~> 1.0)
      multi_json (~> 1.0)
      multi_xml (~> 0.5)
    aws-sdk-resources (2.0.20.pre)
      aws-sdk-core (= 2.0.20)
    builder (3.2.2)
    jmespath (1.0.2)
      multi_json (~> 1.0)
    minitest (5.5.1)
    multi_json (1.10.1)
    multi_xml (0.5.5)
    rake (10.4.2)
    thor (0.19.1)

PLATFORMS
  ruby

DEPENDENCIES
  appraisal
  cfn-flow!
  minitest
  rake
